PATH
  remote: .
  specs:
    eac_tools (0.44.0)
      avm (~> 0.55)
      avm-eac_asciidoctor_base0 (~> 0.12)
      avm-eac_generic_base0 (~> 0.8)
      avm-eac_latex_base0 (~> 0.3)
      avm-eac_php_base0 (~> 0.3)
      avm-eac_rails_base0 (~> 0.8, >= 0.8.1)
      avm-eac_rails_base1 (~> 0.7)
      avm-eac_redmine_base0 (~> 0.16)
      avm-eac_redmine_plugin_base0 (~> 0.3)
      avm-eac_ruby_base1 (~> 0.27)
      avm-eac_webapp_base0 (~> 0.12, >= 0.12.2)
      avm-eac_wordpress_base0 (~> 0.2, >= 0.2.1)
      avm-tools (~> 0.142, >= 0.142.4)
      eac_ruby_utils (~> 0.107)

PATH
  remote: sub/aranha-parsers
  specs:
    aranha-parsers (0.14.4)
      activesupport (>= 4.0.0)
      addressable (~> 2.8, >= 2.8.1)
      curb (~> 0.9, >= 0.9.11)
      eac_ruby_utils (~> 0.106)
      faraday-gzip (~> 0.1)
      faraday_middleware (~> 1.2)
      nokogiri (~> 1.13, >= 1.13.9)
      ofx-parser (~> 1.1)

PATH
  remote: sub/avm-eac_asciidoctor_base0
  specs:
    avm-eac_asciidoctor_base0 (0.12.0)
      asciidoctor (~> 2.0, >= 2.0.18)
      avm-eac_webapp_base0 (~> 0.12, >= 0.12.2)
      eac_ruby_utils (~> 0.107)
      os (~> 1.1, >= 1.1.4)
      rouge (~> 3.30)

PATH
  remote: sub/avm-eac_generic_base0
  specs:
    avm-eac_generic_base0 (0.8.0)
      avm (~> 0.53)
      eac_ruby_utils (~> 0.106, >= 0.106.1)

PATH
  remote: sub/avm-eac_latex_base0
  specs:
    avm-eac_latex_base0 (0.3.0)
      avm (~> 0.52)
      avm-eac_webapp_base0 (~> 0.12)
      eac_ruby_utils (~> 0.106)

PATH
  remote: sub/avm-eac_php_base0
  specs:
    avm-eac_php_base0 (0.3.0)
      avm-eac_generic_base0 (~> 0.7)
      eac_ruby_utils (~> 0.106)

PATH
  remote: sub/avm-eac_python_base0
  specs:
    avm-eac_python_base0 (0.2.0)
      avm-eac_generic_base0 (~> 0.7)
      eac_ruby_utils (~> 0.106)

PATH
  remote: sub/avm-eac_rails_base0
  specs:
    avm-eac_rails_base0 (0.8.1)
      avm-eac_rails_base1 (~> 0.7)
      eac_ruby_utils (~> 0.104)

PATH
  remote: sub/avm-eac_rails_base1
  specs:
    avm-eac_rails_base1 (0.7.0)
      avm (~> 0.45)
      avm-eac_ruby_base1 (~> 0.21)
      avm-eac_webapp_base0 (~> 0.9)
      eac_ruby_utils (~> 0.104)

PATH
  remote: sub/avm-eac_redmine_base0
  specs:
    avm-eac_redmine_base0 (0.16.0)
      avm (~> 0.44)
      avm-eac_generic_base0 (~> 0.5)
      avm-eac_rails_base1 (~> 0.6)
      avm-eac_ubuntu_base0 (~> 0.3)
      curb (~> 0.9, >= 0.9.11)
      eac_fs (~> 0.12, >= 0.12.3)
      eac_rest (~> 0.6, >= 0.6.1)
      eac_ruby_utils (~> 0.104)

PATH
  remote: sub/avm-eac_redmine_plugin_base0
  specs:
    avm-eac_redmine_plugin_base0 (0.3.0)
      avm-eac_ruby_base1 (~> 0.11)
      eac_ruby_utils (~> 0.95, >= 0.95.1)

PATH
  remote: sub/avm-eac_ruby_base1
  specs:
    avm-eac_ruby_base1 (0.27.1)
      avm (~> 0.56)
      avm-eac_generic_base0 (~> 0.8)
      eac_ruby_utils (~> 0.107, >= 0.107.1)

PATH
  remote: sub/avm-eac_webapp_base0
  specs:
    avm-eac_webapp_base0 (0.12.2)
      avm (~> 0.54)
      avm-eac_generic_base0 (~> 0.8)
      avm-eac_postgresql_base0 (~> 0.2)
      avm-eac_ubuntu_base0 (~> 0.3)
      avm-files (~> 0.6)
      eac_ruby_utils (~> 0.106, >= 0.106.1)

PATH
  remote: sub/avm-eac_wordpress_base0
  specs:
    avm-eac_wordpress_base0 (0.2.1)
      avm (~> 0.45)
      avm-eac_webapp_base0 (~> 0.9)
      eac_ruby_utils (~> 0.104)

PATH
  remote: sub/avm-files
  specs:
    avm-files (0.6.0)
      avm (~> 0.52)
      eac_cli (~> 0.28)
      eac_fs (~> 0.12, >= 0.12.3)
      eac_ruby_utils (~> 0.106)
      eac_templates (~> 0.3, >= 0.3.2)

PATH
  remote: sub/avm-git
  specs:
    avm-git (0.10.0)
      avm (~> 0.54)
      avm-files (~> 0.6)
      eac_git (~> 0.13)
      eac_ruby_utils (~> 0.106, >= 0.106.1)
      git (~> 1.12)

PATH
  remote: sub/avm-tools
  specs:
    avm-tools (0.142.4)
      aranha-parsers (~> 0.14, >= 0.14.4)
      avm (~> 0.56)
      avm-eac_ruby_base1 (~> 0.26, >= 0.26.1)
      avm-eac_ubuntu_base0 (~> 0.3)
      avm-files (~> 0.6)
      avm-git (~> 0.9)
      clipboard (~> 1.3, >= 1.3.6)
      curb (~> 0.9, >= 0.9.11)
      eac_git (~> 0.13)
      eac_ruby_base0 (~> 0.17)
      eac_templates (~> 0.3, >= 0.3.2)
      git (~> 1.12)
      ruby-progressbar (~> 1.11)

PATH
  remote: sub/avm
  specs:
    avm (0.56.0)
      aranha-parsers (~> 0.14, >= 0.14.4)
      eac_cli (~> 0.29)
      eac_config (~> 0.12)
      eac_docker (~> 0.5)
      eac_fs (~> 0.15)
      eac_git (~> 0.13)
      eac_ruby_utils (~> 0.107, >= 0.107.1)
      eac_templates (~> 0.3, >= 0.3.2)
      filesize (~> 0.2)
      htmlbeautifier (~> 1.4, >= 1.4.2)
      minitar (~> 0.9)

PATH
  remote: sub/eac_cli
  specs:
    eac_cli (0.29.0)
      colorize (~> 0.8, >= 0.8.1)
      eac_config (~> 0.12)
      eac_ruby_utils (~> 0.107)

PATH
  remote: sub/eac_config
  specs:
    eac_config (0.12.0)
      addressable (~> 2.8, >= 2.8.1)
      eac_ruby_utils (~> 0.107)

PATH
  remote: sub/eac_docker
  specs:
    eac_docker (0.5.0)
      eac_ruby_utils (~> 0.104)
      eac_templates (~> 0.3, >= 0.3.2)

PATH
  remote: sub/eac_fs
  specs:
    eac_fs (0.15.0)
      content-type (~> 0.0, >= 0.0.2)
      eac_ruby_utils (~> 0.107, >= 0.107.1)
      ruby-filemagic (~> 0.7, >= 0.7.3)

PATH
  remote: sub/eac_git
  specs:
    eac_git (0.13.0)
      eac_ruby_utils (~> 0.105)
      parseconfig (~> 1.1, >= 1.1.2)

PATH
  remote: sub/eac_ruby_base0
  specs:
    eac_ruby_base0 (0.17.0)
      avm-eac_ruby_base1 (~> 0.21)
      eac_cli (~> 0.28)
      eac_fs (~> 0.12, >= 0.12.3)
      eac_ruby_utils (~> 0.103)

PATH
  remote: sub/eac_ruby_utils
  specs:
    eac_ruby_utils (0.107.1)
      activesupport (>= 4, < 7)
      addressable (~> 2.8, >= 2.8.1)
      bundler
      filesize (~> 0.2)
      net-ssh (~> 4.2)

GEM
  remote: https://rubygems.org/
  specs:
    activesupport (6.1.7)
      concurrent-ruby (~> 1.0, >= 1.0.2)
      i18n (>= 1.6, < 2)
      minitest (>= 5.1)
      tzinfo (~> 2.0)
      zeitwerk (~> 2.3)
    addressable (2.8.1)
      public_suffix (>= 2.0.2, < 6.0)
    asciidoctor (2.0.18)
    ast (2.4.2)
    avm-eac_postgresql_base0 (0.2.0)
      avm (~> 0.12, >= 0.12.1)
      eac_ruby_utils (~> 0.82)
    avm-eac_ubuntu_base0 (0.3.0)
      avm (~> 0.7)
      eac_ruby_utils (~> 0.77, >= 0.77.1)
      eac_templates (~> 0.3)
    clipboard (1.3.6)
    colorize (0.8.1)
    concurrent-ruby (1.1.10)
    content-type (0.0.2)
      parslet (~> 2.0)
    curb (0.9.11)
    diff-lcs (1.5.0)
    eac_rest (0.6.1)
      eac_ruby_utils (~> 0.70)
    eac_ruby_gem_support (0.5.1)
      eac_ruby_utils (~> 0.74)
      rspec (~> 3.9)
      rubocop (~> 0.80.1)
      rubocop-rails (~> 2.4.2)
      rubocop-rspec (~> 1.38.1)
    eac_templates (0.3.2)
      eac_config (~> 0.11, >= 0.11.1)
      eac_ruby_utils (~> 0.102, >= 0.102.1)
    faraday (1.10.2)
      faraday-em_http (~> 1.0)
      faraday-em_synchrony (~> 1.0)
      faraday-excon (~> 1.1)
      faraday-httpclient (~> 1.0)
      faraday-multipart (~> 1.0)
      faraday-net_http (~> 1.0)
      faraday-net_http_persistent (~> 1.0)
      faraday-patron (~> 1.0)
      faraday-rack (~> 1.0)
      faraday-retry (~> 1.0)
      ruby2_keywords (>= 0.0.4)
    faraday-em_http (1.0.0)
    faraday-em_synchrony (1.0.0)
    faraday-excon (1.1.0)
    faraday-gzip (0.1.0)
      faraday (>= 1.0)
      zlib (~> 2.1)
    faraday-httpclient (1.0.1)
    faraday-multipart (1.0.4)
      multipart-post (~> 2)
    faraday-net_http (1.0.1)
    faraday-net_http_persistent (1.2.0)
    faraday-patron (1.0.0)
    faraday-rack (1.0.0)
    faraday-retry (1.0.3)
    faraday_middleware (1.2.0)
      faraday (~> 1.0)
    filesize (0.2.0)
    git (1.12.0)
      addressable (~> 2.8)
      rchardet (~> 1.8)
    hpricot (0.8.6)
    htmlbeautifier (1.4.2)
    i18n (1.12.0)
      concurrent-ruby (~> 1.0)
    jaro_winkler (1.5.4)
    minitar (0.9)
    minitest (5.16.3)
    multipart-post (2.2.3)
    net-ssh (4.2.0)
    nokogiri (1.13.9-x86_64-linux)
      racc (~> 1.4)
    ofx-parser (1.1.0)
      hpricot (>= 0.6)
    os (1.1.4)
    parallel (1.22.1)
    parseconfig (1.1.2)
    parser (3.1.2.1)
      ast (~> 2.4.1)
    parslet (2.0.0)
    public_suffix (5.0.0)
    racc (1.6.0)
    rack (3.0.0)
    rainbow (3.1.1)
    rchardet (1.8.0)
    rexml (3.2.5)
    rouge (3.30.0)
    rspec (3.12.0)
      rspec-core (~> 3.12.0)
      rspec-expectations (~> 3.12.0)
      rspec-mocks (~> 3.12.0)
    rspec-core (3.12.0)
      rspec-support (~> 3.12.0)
    rspec-expectations (3.12.0)
      diff-lcs (>= 1.2.0, < 2.0)
      rspec-support (~> 3.12.0)
    rspec-mocks (3.12.0)
      diff-lcs (>= 1.2.0, < 2.0)
      rspec-support (~> 3.12.0)
    rspec-support (3.12.0)
    rubocop (0.80.1)
      jaro_winkler (~> 1.5.1)
      parallel (~> 1.10)
      parser (>= 2.7.0.1)
      rainbow (>= 2.2.2, < 4.0)
      rexml
      ruby-progressbar (~> 1.7)
      unicode-display_width (>= 1.4.0, < 1.7)
    rubocop-rails (2.4.2)
      rack (>= 1.1)
      rubocop (>= 0.72.0)
    rubocop-rspec (1.38.1)
      rubocop (>= 0.68.1)
    ruby-filemagic (0.7.3)
    ruby-progressbar (1.11.0)
    ruby2_keywords (0.0.5)
    tzinfo (2.0.5)
      concurrent-ruby (~> 1.0)
    unicode-display_width (1.6.1)
    zeitwerk (2.6.6)
    zlib (2.1.1)

PLATFORMS
  x86_64-linux

DEPENDENCIES
  aranha-parsers!
  avm!
  avm-eac_asciidoctor_base0!
  avm-eac_generic_base0!
  avm-eac_latex_base0!
  avm-eac_php_base0!
  avm-eac_python_base0!
  avm-eac_rails_base0!
  avm-eac_rails_base1!
  avm-eac_redmine_base0!
  avm-eac_redmine_plugin_base0!
  avm-eac_ruby_base1!
  avm-eac_webapp_base0!
  avm-eac_wordpress_base0!
  avm-files!
  avm-git!
  avm-tools!
  eac_cli!
  eac_config!
  eac_docker!
  eac_fs!
  eac_git!
  eac_ruby_base0!
  eac_ruby_gem_support (~> 0.5.1)
  eac_ruby_utils!
  eac_tools!

BUNDLED WITH
   2.3.20
