PATH
  remote: .
  specs:
    eac_tools (0.70.1)
      avm (~> 0.78)
      avm-eac_asciidoctor_base0 (~> 0.19)
      avm-eac_generic_base0 (~> 0.12)
      avm-eac_latex_base0 (~> 0.3, >= 0.3.1)
      avm-eac_php_base0 (~> 0.4, >= 0.4.2)
      avm-eac_postgresql_base0 (~> 0.5, >= 0.5.1)
      avm-eac_python_base0 (~> 0.2, >= 0.2.1)
      avm-eac_rails_base0 (~> 0.10, >= 0.10.2)
      avm-eac_rails_base1 (~> 0.9, >= 0.9.1)
      avm-eac_redmine_base0 (~> 0.20, >= 0.20.1)
      avm-eac_redmine_plugin_base0 (~> 0.4)
      avm-eac_ruby_base1 (~> 0.30, >= 0.30.3)
      avm-eac_webapp_base0 (~> 0.18, >= 0.18.1)
      avm-eac_wordpress_base0 (~> 0.3, >= 0.3.1)
      avm-git (~> 0.13, >= 0.13.3)
      avm-tools (~> 0.151, >= 0.151.1)
      eac_ruby_utils (~> 0.117, >= 0.117.1)

PATH
  remote: sub/avm-eac_asciidoctor_base0
  specs:
    avm-eac_asciidoctor_base0 (0.19.0)
      asciidoctor (~> 2.0, >= 2.0.18)
      avm-eac_webapp_base0 (~> 0.15)
      eac_ruby_utils (~> 0.112)
      os (~> 1.1, >= 1.1.4)
      rouge (~> 3.30)

PATH
  remote: sub/avm-eac_generic_base0
  specs:
    avm-eac_generic_base0 (0.12.0)
      avm (~> 0.66)
      eac_ruby_utils (~> 0.112)

PATH
  remote: sub/avm-eac_latex_base0
  specs:
    avm-eac_latex_base0 (0.3.1)
      avm (~> 0.67)
      avm-eac_webapp_base0 (~> 0.15)
      eac_ruby_utils (~> 0.112)

PATH
  remote: sub/avm-eac_php_base0
  specs:
    avm-eac_php_base0 (0.4.2)
      avm-eac_generic_base0 (~> 0.12)
      avm-eac_webapp_base0 (~> 0.15)
      eac_ruby_utils (~> 0.112)

PATH
  remote: sub/avm-eac_postgresql_base0
  specs:
    avm-eac_postgresql_base0 (0.5.1)
      avm (~> 0.71)
      eac_ruby_utils (~> 0.115)

PATH
  remote: sub/avm-eac_python_base0
  specs:
    avm-eac_python_base0 (0.2.1)
      avm-eac_generic_base0 (~> 0.8)
      eac_ruby_utils (~> 0.109)

PATH
  remote: sub/avm-eac_rails_base0
  specs:
    avm-eac_rails_base0 (0.10.2)
      avm-eac_rails_base1 (~> 0.8, >= 0.8.4)
      eac_ruby_utils (~> 0.112)

PATH
  remote: sub/avm-eac_rails_base1
  specs:
    avm-eac_rails_base1 (0.9.1)
      avm (~> 0.78)
      avm-eac_ruby_base1 (~> 0.30, >= 0.30.3)
      avm-eac_webapp_base0 (~> 0.18, >= 0.18.1)
      eac_ruby_utils (~> 0.117, >= 0.117.1)

PATH
  remote: sub/avm-eac_redmine_base0
  specs:
    avm-eac_redmine_base0 (0.20.1)
      avm (~> 0.68)
      avm-eac_generic_base0 (~> 0.12)
      avm-eac_rails_base1 (~> 0.8, >= 0.8.4)
      avm-eac_ubuntu_base0 (~> 0.4, >= 0.4.2)
      curb (~> 0.9, >= 0.9.11)
      eac_fs (~> 0.16)
      eac_rest (~> 0.9)
      eac_ruby_utils (~> 0.112)

PATH
  remote: sub/avm-eac_redmine_plugin_base0
  specs:
    avm-eac_redmine_plugin_base0 (0.4.0)
      avm-eac_ruby_base1 (~> 0.27, >= 0.27.1)
      eac_ruby_utils (~> 0.107, >= 0.107.1)

PATH
  remote: sub/avm-eac_ruby_base1
  specs:
    avm-eac_ruby_base1 (0.30.3)
      aranha-parsers (~> 0.18)
      avm (~> 0.71)
      avm-eac_generic_base0 (~> 0.12)
      eac_envs-http (~> 0.3, >= 0.3.2)
      eac_ruby_utils (~> 0.116)

PATH
  remote: sub/avm-eac_ubuntu_base0
  specs:
    avm-eac_ubuntu_base0 (0.5.0)
      avm (~> 0.77)
      eac_ruby_utils (~> 0.117, >= 0.117.1)
      eac_templates (~> 0.5)

PATH
  remote: sub/avm-eac_webapp_base0
  specs:
    avm-eac_webapp_base0 (0.18.1)
      avm (~> 0.78)
      avm-eac_generic_base0 (~> 0.12)
      avm-eac_postgresql_base0 (~> 0.5, >= 0.5.1)
      avm-eac_ubuntu_base0 (~> 0.5)
      avm-files (~> 0.6, >= 0.6.2)
      eac_ruby_utils (~> 0.117, >= 0.117.1)

PATH
  remote: sub/avm-eac_wordpress_base0
  specs:
    avm-eac_wordpress_base0 (0.3.1)
      avm (~> 0.67)
      avm-eac_webapp_base0 (~> 0.15)
      eac_ruby_utils (~> 0.112)

PATH
  remote: sub/avm-files
  specs:
    avm-files (0.6.2)
      avm (~> 0.67, >= 0.67.1)
      eac_cli (~> 0.30, >= 0.30.1)
      eac_fs (~> 0.16)
      eac_ruby_utils (~> 0.112)
      eac_templates (~> 0.5)

PATH
  remote: sub/avm-git
  specs:
    avm-git (0.13.3)
      avm (~> 0.73, >= 0.73.1)
      avm-files (~> 0.6, >= 0.6.2)
      eac_git (~> 0.14, >= 0.14.1)
      eac_ruby_utils (~> 0.117)
      git (~> 1.18)

PATH
  remote: sub/avm-tools
  specs:
    avm-tools (0.151.1)
      aranha-parsers (~> 0.19)
      avm (~> 0.76)
      avm-eac_ruby_base1 (~> 0.30, >= 0.30.3)
      avm-eac_ubuntu_base0 (~> 0.4, >= 0.4.3)
      avm-files (~> 0.6, >= 0.6.2)
      avm-git (~> 0.13, >= 0.13.3)
      clipboard (~> 1.3, >= 1.3.6)
      curb (~> 0.9, >= 0.9.11)
      eac_git (~> 0.14, >= 0.14.1)
      eac_ruby_base0 (~> 0.19)
      eac_templates (~> 0.5)
      git (~> 1.18)
      ruby-progressbar (~> 1.13)

PATH
  remote: sub/avm
  specs:
    avm (0.78.0)
      aranha-parsers (~> 0.20)
      eac_cli (~> 0.35, >= 0.35.1)
      eac_config (~> 0.12)
      eac_docker (~> 0.7)
      eac_fs (~> 0.16)
      eac_git (~> 0.14, >= 0.14.1)
      eac_ruby_utils (~> 0.117, >= 0.117.1)
      eac_templates (~> 0.5)
      filesize (~> 0.2)
      htmlbeautifier (~> 1.4, >= 1.4.2)
      minitar (~> 0.9)

PATH
  remote: sub/eac_cli
  specs:
    eac_cli (0.35.1)
      colorize (~> 0.8, >= 0.8.1)
      eac_config (~> 0.12)
      eac_ruby_utils (~> 0.117)

PATH
  remote: sub/eac_config
  specs:
    eac_config (0.12.0)
      addressable (~> 2.8, >= 2.8.4)
      eac_ruby_utils (~> 0.107)

PATH
  remote: sub/eac_docker
  specs:
    eac_docker (0.7.0)
      eac_ruby_utils (~> 0.112)
      eac_templates (~> 0.3, >= 0.3.2)

PATH
  remote: sub/eac_envs-http
  specs:
    eac_envs-http (0.4.0)
      eac_fs (~> 0.16)
      eac_ruby_utils (~> 0.117, >= 0.117.1)
      faraday (~> 2.7, >= 2.7.6)
      faraday-follow_redirects (~> 0.3)
      faraday-gzip (~> 0.1)
      faraday-multipart (~> 1.0, >= 1.0.4)
      faraday-retry (~> 2.2)

PATH
  remote: sub/eac_fs
  specs:
    eac_fs (0.16.0)
      content-type (~> 0.0, >= 0.0.2)
      eac_ruby_utils (~> 0.107, >= 0.107.1)
      ruby-filemagic (~> 0.7, >= 0.7.3)

PATH
  remote: sub/eac_git
  specs:
    eac_git (0.14.1)
      eac_ruby_utils (~> 0.112)
      parseconfig (~> 1.1, >= 1.1.2)

PATH
  remote: sub/eac_rest
  specs:
    eac_rest (0.9.1)
      eac_envs-http (~> 0.4)
      eac_fs (~> 0.16)
      eac_ruby_utils (~> 0.117, >= 0.117.1)

PATH
  remote: sub/eac_ruby_base0
  specs:
    eac_ruby_base0 (0.19.0)
      avm-eac_ruby_base1 (~> 0.30, >= 0.30.3)
      eac_cli (~> 0.35)
      eac_fs (~> 0.16)
      eac_ruby_utils (~> 0.117)

PATH
  remote: sub/eac_ruby_utils
  specs:
    eac_ruby_utils (0.119.0)
      activesupport (>= 4, < 7)
      addressable (~> 2.8, >= 2.8.4)
      bundler
      filesize (~> 0.2)
      net-ssh (~> 4.2)

PATH
  remote: sub/eac_templates
  specs:
    eac_templates (0.5.0)
      eac_config (~> 0.12)
      eac_ruby_utils (~> 0.112)

GEM
  remote: https://rubygems.org/
  specs:
    activesupport (6.1.7.4)
      concurrent-ruby (~> 1.0, >= 1.0.2)
      i18n (>= 1.6, < 2)
      minitest (>= 5.1)
      tzinfo (~> 2.0)
      zeitwerk (~> 2.3)
    addressable (2.8.4)
      public_suffix (>= 2.0.2, < 6.0)
    aranha-parsers (0.21.0)
      activesupport (>= 4.0.0)
      addressable (~> 2.8, >= 2.8.4)
      eac_envs-http (~> 0.4)
      eac_ruby_utils (~> 0.117, >= 0.117.1)
      nokogiri (~> 1.15, >= 1.15.2)
      ofx-parser (~> 1.1)
    asciidoctor (2.0.20)
    ast (2.4.2)
    clipboard (1.3.6)
    colorize (0.8.1)
    concurrent-ruby (1.2.2)
    content-type (0.0.2)
      parslet (~> 2.0)
    curb (0.9.11)
    diff-lcs (1.5.0)
    eac_ruby_gem_support (0.5.1)
      eac_ruby_utils (~> 0.74)
      rspec (~> 3.9)
      rubocop (~> 0.80.1)
      rubocop-rails (~> 2.4.2)
      rubocop-rspec (~> 1.38.1)
    faraday (2.7.7)
      faraday-net_http (>= 2.0, < 3.1)
      ruby2_keywords (>= 0.0.4)
    faraday-follow_redirects (0.3.0)
      faraday (>= 1, < 3)
    faraday-gzip (0.1.0)
      faraday (>= 1.0)
      zlib (~> 2.1)
    faraday-multipart (1.0.4)
      multipart-post (~> 2)
    faraday-net_http (3.0.2)
    faraday-retry (2.2.0)
      faraday (~> 2.0)
    filesize (0.2.0)
    git (1.18.0)
      addressable (~> 2.8)
      rchardet (~> 1.8)
    hpricot (0.8.6)
    htmlbeautifier (1.4.2)
    i18n (1.14.1)
      concurrent-ruby (~> 1.0)
    jaro_winkler (1.5.6)
    minitar (0.9)
    minitest (5.18.1)
    multipart-post (2.3.0)
    net-ssh (4.2.0)
    nokogiri (1.15.2-x86_64-linux)
      racc (~> 1.4)
    ofx-parser (1.1.0)
      hpricot (>= 0.6)
    os (1.1.4)
    parallel (1.23.0)
    parseconfig (1.1.2)
    parser (3.2.2.3)
      ast (~> 2.4.1)
      racc
    parslet (2.0.0)
    public_suffix (5.0.1)
    racc (1.7.1)
    rack (3.0.8)
    rainbow (3.1.1)
    rchardet (1.8.0)
    rexml (3.2.5)
    rouge (3.30.0)
    rspec (3.12.0)
      rspec-core (~> 3.12.0)
      rspec-expectations (~> 3.12.0)
      rspec-mocks (~> 3.12.0)
    rspec-core (3.12.2)
      rspec-support (~> 3.12.0)
    rspec-expectations (3.12.3)
      diff-lcs (>= 1.2.0, < 2.0)
      rspec-support (~> 3.12.0)
    rspec-mocks (3.12.5)
      diff-lcs (>= 1.2.0, < 2.0)
      rspec-support (~> 3.12.0)
    rspec-support (3.12.1)
    rubocop (0.80.1)
      jaro_winkler (~> 1.5.1)
      parallel (~> 1.10)
      parser (>= 2.7.0.1)
      rainbow (>= 2.2.2, < 4.0)
      rexml
      ruby-progressbar (~> 1.7)
      unicode-display_width (>= 1.4.0, < 1.7)
    rubocop-rails (2.4.2)
      rack (>= 1.1)
      rubocop (>= 0.72.0)
    rubocop-rspec (1.38.1)
      rubocop (>= 0.68.1)
    ruby-filemagic (0.7.3)
    ruby-progressbar (1.13.0)
    ruby2_keywords (0.0.5)
    tzinfo (2.0.6)
      concurrent-ruby (~> 1.0)
    unicode-display_width (1.6.1)
    zeitwerk (2.6.8)
    zlib (2.1.1)

PLATFORMS
  x86_64-linux

DEPENDENCIES
  avm!
  avm-eac_asciidoctor_base0!
  avm-eac_generic_base0!
  avm-eac_latex_base0!
  avm-eac_php_base0!
  avm-eac_postgresql_base0!
  avm-eac_python_base0!
  avm-eac_rails_base0!
  avm-eac_rails_base1!
  avm-eac_redmine_base0!
  avm-eac_redmine_plugin_base0!
  avm-eac_ruby_base1!
  avm-eac_ubuntu_base0!
  avm-eac_webapp_base0!
  avm-eac_wordpress_base0!
  avm-files!
  avm-git!
  avm-tools!
  eac_cli!
  eac_config!
  eac_docker!
  eac_envs-http!
  eac_fs!
  eac_git!
  eac_rest!
  eac_ruby_base0!
  eac_ruby_gem_support (~> 0.5.1)
  eac_ruby_utils!
  eac_templates!
  eac_tools!

BUNDLED WITH
   2.3.26
