PATH
  remote: .
  specs:
    eac_tools (0.0.0)
      eac_ruby_utils (~> 0.95, >= 0.95.1)

GEM
  remote: https://rubygems.org/
  specs:
    activesupport (6.1.6)
      concurrent-ruby (~> 1.0, >= 1.0.2)
      i18n (>= 1.6, < 2)
      minitest (>= 5.1)
      tzinfo (~> 2.0)
      zeitwerk (~> 2.3)
    addressable (2.8.0)
      public_suffix (>= 2.0.2, < 5.0)
    ast (2.4.2)
    concurrent-ruby (1.1.10)
    diff-lcs (1.5.0)
    eac_ruby_gem_support (0.5.1)
      eac_ruby_utils (~> 0.74)
      rspec (~> 3.9)
      rubocop (~> 0.80.1)
      rubocop-rails (~> 2.4.2)
      rubocop-rspec (~> 1.38.1)
    eac_ruby_utils (0.95.1)
      activesupport (>= 4, < 7)
      addressable (~> 2.6)
      filesize
      net-ssh (~> 4.2)
    filesize (0.2.0)
    i18n (1.10.0)
      concurrent-ruby (~> 1.0)
    jaro_winkler (1.5.4)
    minitest (5.16.1)
    net-ssh (4.2.0)
    parallel (1.22.1)
    parser (3.1.2.0)
      ast (~> 2.4.1)
    public_suffix (4.0.7)
    rack (2.2.4)
    rainbow (3.1.1)
    rexml (3.2.5)
    rspec (3.11.0)
      rspec-core (~> 3.11.0)
      rspec-expectations (~> 3.11.0)
      rspec-mocks (~> 3.11.0)
    rspec-core (3.11.0)
      rspec-support (~> 3.11.0)
    rspec-expectations (3.11.0)
      diff-lcs (>= 1.2.0, < 2.0)
      rspec-support (~> 3.11.0)
    rspec-mocks (3.11.1)
      diff-lcs (>= 1.2.0, < 2.0)
      rspec-support (~> 3.11.0)
    rspec-support (3.11.0)
    rubocop (0.80.1)
      jaro_winkler (~> 1.5.1)
      parallel (~> 1.10)
      parser (>= 2.7.0.1)
      rainbow (>= 2.2.2, < 4.0)
      rexml
      ruby-progressbar (~> 1.7)
      unicode-display_width (>= 1.4.0, < 1.7)
    rubocop-rails (2.4.2)
      rack (>= 1.1)
      rubocop (>= 0.72.0)
    rubocop-rspec (1.38.1)
      rubocop (>= 0.68.1)
    ruby-progressbar (1.11.0)
    tzinfo (2.0.4)
      concurrent-ruby (~> 1.0)
    unicode-display_width (1.6.1)
    zeitwerk (2.6.0)

PLATFORMS
  x86_64-linux

DEPENDENCIES
  eac_ruby_gem_support (~> 0.5, >= 0.5.1)
  eac_tools!

BUNDLED WITH
   2.3.17
