PATH
  remote: .
  specs:
    eac_tools (0.25.1)
      avm (~> 0.39, >= 0.39.1)
      avm-eac_asciidoctor_base0 (~> 0.5)
      avm-eac_generic_base0 (~> 0.5)
      avm-eac_latex_base0 (~> 0.1, >= 0.1.2)
      avm-eac_rails_base0 (~> 0.7)
      avm-eac_rails_base1 (~> 0.5)
      avm-eac_redmine_base0 (~> 0.13)
      avm-eac_redmine_plugin_base0 (~> 0.3)
      avm-eac_ruby_base1 (~> 0.20)
      avm-eac_webapp_base0 (~> 0.5)
      avm-eac_wordpress_base0 (~> 0.1, >= 0.1.2)
      avm-tools (~> 0.133)
      eac_ruby_utils (~> 0.102)

PATH
  remote: sub/avm-eac_asciidoctor_base0
  specs:
    avm-eac_asciidoctor_base0 (0.5.0)
      asciidoctor (~> 2.0, >= 2.0.17)
      avm-eac_webapp_base0 (~> 0.4)
      eac_ruby_utils (~> 0.98)
      os (~> 1.1, >= 1.1.4)
      rouge (~> 3.30)

PATH
  remote: sub/avm-eac_generic_base0
  specs:
    avm-eac_generic_base0 (0.5.0)
      avm (~> 0.28)
      eac_ruby_utils (~> 0.96)

PATH
  remote: sub/avm-eac_latex_base0
  specs:
    avm-eac_latex_base0 (0.1.2)
      avm (~> 0.35, >= 0.35.1)
      avm-eac_webapp_base0 (~> 0.4)
      eac_ruby_utils (~> 0.98)

PATH
  remote: sub/avm-eac_rails_base0
  specs:
    avm-eac_rails_base0 (0.7.0)
      avm-eac_rails_base1 (~> 0.5)
      eac_ruby_utils (~> 0.98)

PATH
  remote: sub/avm-eac_rails_base1
  specs:
    avm-eac_rails_base1 (0.5.0)
      avm (~> 0.35, >= 0.35.1)
      avm-eac_ruby_base1 (~> 0.19)
      avm-eac_webapp_base0 (~> 0.4)
      eac_ruby_utils (~> 0.98)

PATH
  remote: sub/avm-eac_redmine_base0
  specs:
    avm-eac_redmine_base0 (0.13.0)
      avm (~> 0.39, >= 0.39.1)
      avm-eac_generic_base0 (~> 0.5)
      avm-eac_rails_base1 (~> 0.5)
      avm-eac_ubuntu_base0 (~> 0.3)
      curb (~> 0.9, >= 0.9.11)
      eac_fs (~> 0.12, >= 0.12.3)
      eac_rest (~> 0.6, >= 0.6.1)
      eac_ruby_utils (~> 0.102)

PATH
  remote: sub/avm-eac_redmine_plugin_base0
  specs:
    avm-eac_redmine_plugin_base0 (0.3.0)
      avm-eac_ruby_base1 (~> 0.11)
      eac_ruby_utils (~> 0.95, >= 0.95.1)

PATH
  remote: sub/avm-eac_ruby_base1
  specs:
    avm-eac_ruby_base1 (0.20.0)
      avm (~> 0.39, >= 0.39.1)
      avm-eac_generic_base0 (~> 0.5)
      eac_ruby_utils (~> 0.102)

PATH
  remote: sub/avm-eac_webapp_base0
  specs:
    avm-eac_webapp_base0 (0.5.0)
      avm (~> 0.39, >= 0.39.1)
      avm-eac_generic_base0 (~> 0.5)
      avm-eac_postgresql_base0 (~> 0.2)
      avm-eac_ubuntu_base0 (~> 0.3)
      eac_ruby_utils (~> 0.102)

PATH
  remote: sub/avm-eac_wordpress_base0
  specs:
    avm-eac_wordpress_base0 (0.1.2)
      avm (~> 0.35, >= 0.35.1)
      avm-eac_webapp_base0 (~> 0.4)
      eac_ruby_utils (~> 0.98)

PATH
  remote: sub/avm-tools
  specs:
    avm-tools (0.133.0)
      aranha-parsers (~> 0.14, >= 0.14.1)
      avm (~> 0.37)
      avm-eac_ruby_base1 (~> 0.19, >= 0.19.1)
      avm-eac_ubuntu_base0 (~> 0.3)
      avm-files (~> 0.3, >= 0.3.2)
      avm-git (~> 0.4)
      clipboard (~> 1.3, >= 1.3.6)
      curb (~> 0.9, >= 0.9.11)
      eac_git (~> 0.12, >= 0.12.2)
      eac_ruby_base0 (~> 0.16, >= 0.16.6)
      eac_templates (~> 0.3, >= 0.3.1)
      git (~> 1.11)
      ruby-progressbar (~> 1.11)

PATH
  remote: sub/avm
  specs:
    avm (0.39.1)
      eac_cli (~> 0.27, >= 0.27.8)
      eac_config (~> 0.11, >= 0.11.1)
      eac_docker (~> 0.4, >= 0.4.2)
      eac_git (~> 0.12, >= 0.12.2)
      eac_ruby_utils (~> 0.102)
      eac_templates (~> 0.3, >= 0.3.1)
      filesize (~> 0.2)
      htmlbeautifier (~> 1.4, >= 1.4.2)
      minitar (~> 0.9)

PATH
  remote: sub/eac_cli
  specs:
    eac_cli (0.27.8)
      colorize (~> 0.8.1)
      eac_config (~> 0.8)
      eac_ruby_utils (~> 0.95)

PATH
  remote: sub/eac_config
  specs:
    eac_config (0.11.1)
      addressable (~> 2.8)
      eac_ruby_utils (~> 0.102)

PATH
  remote: sub/eac_docker
  specs:
    eac_docker (0.4.2)
      eac_ruby_utils (~> 0.96)
      eac_templates (~> 0.3, >= 0.3.1)

PATH
  remote: sub/eac_fs
  specs:
    eac_fs (0.12.3)
      content-type
      eac_ruby_utils (~> 0.70)
      ruby-filemagic

PATH
  remote: sub/eac_ruby_base0
  specs:
    eac_ruby_base0 (0.16.6)
      avm-eac_ruby_base1 (~> 0.8)
      eac_cli (~> 0.27, >= 0.27.5)
      eac_fs (~> 0.10)
      eac_ruby_utils (~> 0.95, >= 0.95.1)

PATH
  remote: sub/eac_ruby_utils
  specs:
    eac_ruby_utils (0.102.0)
      activesupport (>= 4, < 7)
      addressable (~> 2.8)
      bundler
      filesize (~> 0.2)
      net-ssh (~> 4.2)

GEM
  remote: https://rubygems.org/
  specs:
    activesupport (6.1.6.1)
      concurrent-ruby (~> 1.0, >= 1.0.2)
      i18n (>= 1.6, < 2)
      minitest (>= 5.1)
      tzinfo (~> 2.0)
      zeitwerk (~> 2.3)
    addressable (2.8.0)
      public_suffix (>= 2.0.2, < 5.0)
    aranha-parsers (0.14.1)
      activesupport (>= 4.0.0)
      addressable (~> 2.7)
      curb (~> 0.9.10)
      eac_ruby_utils (~> 0.92, >= 0.92.1)
      faraday-gzip (~> 0.1)
      faraday_middleware
      nokogiri (~> 1.12, >= 1.12.4)
      ofx-parser (~> 1.1.0)
    asciidoctor (2.0.17)
    ast (2.4.2)
    avm-eac_postgresql_base0 (0.2.0)
      avm (~> 0.12, >= 0.12.1)
      eac_ruby_utils (~> 0.82)
    avm-eac_ubuntu_base0 (0.3.0)
      avm (~> 0.7)
      eac_ruby_utils (~> 0.77, >= 0.77.1)
      eac_templates (~> 0.3)
    avm-files (0.3.2)
      avm (~> 0.6)
      eac_fs (~> 0.5)
      eac_ruby_utils (~> 0.76)
      eac_templates (~> 0.2)
    avm-git (0.4.0)
      avm-files (~> 0.1)
      eac_git (~> 0.11)
      eac_ruby_utils (~> 0.76)
    clipboard (1.3.6)
    colorize (0.8.1)
    concurrent-ruby (1.1.10)
    content-type (0.0.2)
      parslet (~> 2.0)
    curb (0.9.11)
    diff-lcs (1.5.0)
    eac_git (0.12.2)
      eac_ruby_utils (~> 0.83)
      parseconfig (~> 1.0, >= 1.0.8)
    eac_rest (0.6.1)
      eac_ruby_utils (~> 0.70)
    eac_ruby_gem_support (0.5.1)
      eac_ruby_utils (~> 0.74)
      rspec (~> 3.9)
      rubocop (~> 0.80.1)
      rubocop-rails (~> 2.4.2)
      rubocop-rspec (~> 1.38.1)
    eac_templates (0.3.1)
      eac_config (~> 0.5)
      eac_ruby_utils (~> 0.64)
    faraday (1.10.1)
      faraday-em_http (~> 1.0)
      faraday-em_synchrony (~> 1.0)
      faraday-excon (~> 1.1)
      faraday-httpclient (~> 1.0)
      faraday-multipart (~> 1.0)
      faraday-net_http (~> 1.0)
      faraday-net_http_persistent (~> 1.0)
      faraday-patron (~> 1.0)
      faraday-rack (~> 1.0)
      faraday-retry (~> 1.0)
      ruby2_keywords (>= 0.0.4)
    faraday-em_http (1.0.0)
    faraday-em_synchrony (1.0.0)
    faraday-excon (1.1.0)
    faraday-gzip (0.1.0)
      faraday (>= 1.0)
      zlib (~> 2.1)
    faraday-httpclient (1.0.1)
    faraday-multipart (1.0.4)
      multipart-post (~> 2)
    faraday-net_http (1.0.1)
    faraday-net_http_persistent (1.2.0)
    faraday-patron (1.0.0)
    faraday-rack (1.0.0)
    faraday-retry (1.0.3)
    faraday_middleware (1.2.0)
      faraday (~> 1.0)
    filesize (0.2.0)
    git (1.11.0)
      rchardet (~> 1.8)
    hpricot (0.8.6)
    htmlbeautifier (1.4.2)
    i18n (1.12.0)
      concurrent-ruby (~> 1.0)
    jaro_winkler (1.5.4)
    minitar (0.9)
    minitest (5.16.3)
    multipart-post (2.2.3)
    net-ssh (4.2.0)
    nokogiri (1.13.8-x86_64-linux)
      racc (~> 1.4)
    ofx-parser (1.1.0)
      hpricot (>= 0.6)
    os (1.1.4)
    parallel (1.22.1)
    parseconfig (1.1.2)
    parser (3.1.2.1)
      ast (~> 2.4.1)
    parslet (2.0.0)
    public_suffix (4.0.7)
    racc (1.6.0)
    rack (2.2.4)
    rainbow (3.1.1)
    rchardet (1.8.0)
    rexml (3.2.5)
    rouge (3.30.0)
    rspec (3.11.0)
      rspec-core (~> 3.11.0)
      rspec-expectations (~> 3.11.0)
      rspec-mocks (~> 3.11.0)
    rspec-core (3.11.0)
      rspec-support (~> 3.11.0)
    rspec-expectations (3.11.0)
      diff-lcs (>= 1.2.0, < 2.0)
      rspec-support (~> 3.11.0)
    rspec-mocks (3.11.1)
      diff-lcs (>= 1.2.0, < 2.0)
      rspec-support (~> 3.11.0)
    rspec-support (3.11.0)
    rubocop (0.80.1)
      jaro_winkler (~> 1.5.1)
      parallel (~> 1.10)
      parser (>= 2.7.0.1)
      rainbow (>= 2.2.2, < 4.0)
      rexml
      ruby-progressbar (~> 1.7)
      unicode-display_width (>= 1.4.0, < 1.7)
    rubocop-rails (2.4.2)
      rack (>= 1.1)
      rubocop (>= 0.72.0)
    rubocop-rspec (1.38.1)
      rubocop (>= 0.68.1)
    ruby-filemagic (0.7.3)
    ruby-progressbar (1.11.0)
    ruby2_keywords (0.0.5)
    tzinfo (2.0.5)
      concurrent-ruby (~> 1.0)
    unicode-display_width (1.6.1)
    zeitwerk (2.6.0)
    zlib (2.1.1)

PLATFORMS
  x86_64-linux

DEPENDENCIES
  avm!
  avm-eac_asciidoctor_base0!
  avm-eac_generic_base0!
  avm-eac_latex_base0!
  avm-eac_rails_base0!
  avm-eac_rails_base1!
  avm-eac_redmine_base0!
  avm-eac_redmine_plugin_base0!
  avm-eac_ruby_base1!
  avm-eac_webapp_base0!
  avm-eac_wordpress_base0!
  avm-tools!
  eac_cli!
  eac_config!
  eac_docker!
  eac_fs!
  eac_ruby_base0!
  eac_ruby_gem_support (~> 0.5.1)
  eac_ruby_utils!
  eac_tools!

BUNDLED WITH
   2.3.20
