PATH
  remote: .
  specs:
    eac_tools (0.97.2)
      avm (~> 0.94)
      avm-eac_asciidoctor_base0 (~> 0.25)
      avm-eac_generic_base0 (~> 0.13)
      avm-eac_github_base0 (~> 0.3)
      avm-eac_gitlab_base0 (~> 0.4)
      avm-eac_latex_base0 (~> 0.3, >= 0.3.2)
      avm-eac_php_base0 (~> 0.5)
      avm-eac_postgresql_base0 (~> 0.5, >= 0.5.3)
      avm-eac_python_base0 (~> 0.2, >= 0.2.2)
      avm-eac_rails_base0 (~> 0.11, >= 0.11.1)
      avm-eac_rails_base1 (~> 0.10, >= 0.10.2)
      avm-eac_redmine_base0 (~> 0.22, >= 0.22.3)
      avm-eac_redmine_plugin_base0 (~> 0.4, >= 0.4.1)
      avm-eac_ruby_base0 (~> 0.1)
      avm-eac_ruby_base1 (~> 0.35, >= 0.35.1)
      avm-eac_webapp_base0 (~> 0.20, >= 0.20.1)
      avm-eac_wordpress_base0 (~> 0.3, >= 0.3.2)
      avm-git (~> 0.18)
      avm-tools (~> 0.162)
      eac_ruby_utils (~> 0.124)

PATH
  remote: sub/avm-eac_generic_base0
  specs:
    avm-eac_generic_base0 (0.14.0)
      avm (~> 0.94, >= 0.94.1)
      eac_ruby_utils (~> 0.124)

PATH
  remote: sub/avm
  specs:
    avm (0.94.1)
      eac_cli (~> 0.42)
      eac_config (~> 0.14, >= 0.14.3)
      eac_docker (~> 0.7)
      eac_fs (~> 0.18, >= 0.18.1)
      eac_ruby_utils (~> 0.124)
      eac_templates (~> 0.7, >= 0.7.1)
      minitar (~> 0.12, >= 0.12.1)
      ruby-progressbar (~> 1.13)

GEM
  remote: https://rubygems.org/
  specs:
    activesupport (6.1.7.10)
      concurrent-ruby (~> 1.0, >= 1.0.2)
      i18n (>= 1.6, < 2)
      minitest (>= 5.1)
      tzinfo (~> 2.0)
      zeitwerk (~> 2.3)
    addressable (2.8.7)
      public_suffix (>= 2.0.2, < 7.0)
    asciidoctor (2.0.23)
    ast (2.4.2)
    avm-eac_asciidoctor_base0 (0.25.0)
      asciidoctor (~> 2.0, >= 2.0.23)
      avm-eac_webapp_base0 (~> 0.20, >= 0.20.1)
      eac_fs (~> 0.18, >= 0.18.1)
      eac_ruby_utils (~> 0.123)
      os (~> 1.1, >= 1.1.4)
      rouge (~> 3.30)
    avm-eac_github_base0 (0.3.0)
      avm (~> 0.82)
      avm-git (~> 0.14)
      eac_rest (~> 0.10)
      eac_ruby_utils (~> 0.119, >= 0.119.2)
    avm-eac_gitlab_base0 (0.4.0)
      avm-eac_github_base0 (~> 0.3)
      eac_ruby_utils (~> 0.119, >= 0.119.2)
    avm-eac_latex_base0 (0.3.2)
      avm (~> 0.84, >= 0.84.2)
      avm-eac_webapp_base0 (~> 0.18, >= 0.18.3)
      eac_ruby_utils (~> 0.121)
    avm-eac_php_base0 (0.5.0)
      avm-eac_generic_base0 (~> 0.13)
      avm-eac_webapp_base0 (~> 0.20)
      eac_ruby_utils (~> 0.122)
    avm-eac_postgresql_base0 (0.5.3)
      avm (~> 0.85)
      eac_ruby_utils (~> 0.121)
    avm-eac_python_base0 (0.2.2)
      avm-eac_generic_base0 (~> 0.12, >= 0.12.1)
      eac_ruby_utils (~> 0.119, >= 0.119.2)
    avm-eac_rails_base0 (0.11.1)
      avm-eac_rails_base1 (~> 0.10)
      eac_ruby_utils (~> 0.121)
    avm-eac_rails_base1 (0.10.2)
      avm (~> 0.94)
      avm-eac_ruby_base1 (~> 0.35, >= 0.35.1)
      avm-eac_webapp_base0 (~> 0.20, >= 0.20.1)
      eac_ruby_utils (~> 0.123)
    avm-eac_redmine_base0 (0.22.3)
      avm (~> 0.92)
      avm-eac_generic_base0 (~> 0.13)
      avm-eac_rails_base1 (~> 0.10)
      avm-eac_ubuntu_base0 (~> 0.5, >= 0.5.1)
      curb (~> 0.9, >= 0.9.11)
      eac_fs (~> 0.17)
      eac_rest (~> 0.12)
      eac_ruby_utils (~> 0.122)
    avm-eac_redmine_plugin_base0 (0.4.1)
      avm-eac_ruby_base1 (~> 0.33, >= 0.33.1)
      eac_ruby_utils (~> 0.121)
    avm-eac_ruby_base0 (0.1.0)
      avm-eac_ruby_base1 (~> 0.34)
      eac_ruby_utils (~> 0.122)
    avm-eac_ruby_base1 (0.35.1)
      avm (~> 0.94)
      avm-eac_generic_base0 (~> 0.13)
      eac_envs-http (~> 0.5, >= 0.5.1)
      eac_ruby_utils (~> 0.122)
    avm-eac_ubuntu_base0 (0.5.1)
      avm (~> 0.86, >= 0.86.2)
      eac_ruby_utils (~> 0.121)
      eac_templates (~> 0.5, >= 0.5.1)
    avm-eac_webapp_base0 (0.20.1)
      avm (~> 0.94)
      avm-eac_generic_base0 (~> 0.13)
      avm-eac_postgresql_base0 (~> 0.5, >= 0.5.3)
      avm-eac_ubuntu_base0 (~> 0.5, >= 0.5.1)
      avm-files (~> 0.8)
      eac_ruby_utils (~> 0.122)
      htmlbeautifier (~> 1.4, >= 1.4.3)
    avm-eac_wordpress_base0 (0.3.2)
      avm (~> 0.86, >= 0.86.2)
      avm-eac_webapp_base0 (~> 0.18, >= 0.18.4)
      eac_ruby_utils (~> 0.121)
    avm-files (0.8.1)
      avm (~> 0.93)
      eac_cli (~> 0.42)
      eac_fs (~> 0.18)
      eac_ruby_utils (~> 0.122)
      eac_templates (~> 0.7, >= 0.7.1)
    avm-git (0.18.0)
      avm (~> 0.94)
      avm-files (~> 0.8)
      eac_git (~> 0.16)
      eac_ruby_utils (~> 0.122)
      git (~> 1.19, >= 1.19.1)
    avm-tools (0.162.0)
      avm (~> 0.94)
      clipboard (~> 1.4, >= 1.4.1)
      eac_ruby_base0 (~> 0.19)
    base64 (0.2.0)
    clipboard (1.4.1)
    colorize (0.8.1)
    concurrent-ruby (1.3.4)
    content-type (0.0.2)
      parslet (~> 2.0)
    curb (0.9.11)
    diff-lcs (1.5.1)
    eac_cli (0.42.0)
      colorize (~> 0.8, >= 0.8.1)
      eac_config (~> 0.14, >= 0.14.2)
      eac_ruby_utils (~> 0.122)
      tty-table (~> 0.12)
    eac_config (0.14.3)
      addressable (~> 2.8, >= 2.8.7)
      eac_ruby_utils (~> 0.124)
    eac_docker (0.7.0)
      eac_ruby_utils (~> 0.112)
      eac_templates (~> 0.3, >= 0.3.2)
    eac_envs-http (0.6.1)
      eac_fs (~> 0.18, >= 0.18.1)
      eac_ruby_utils (~> 0.123)
      faraday (~> 2.8, >= 2.8.1)
      faraday-follow_redirects (~> 0.3)
      faraday-gzip (~> 0.1)
      faraday-multipart (~> 1.0, >= 1.0.4)
      faraday-retry (~> 2.2, >= 2.2.1)
      random-port (~> 0.7, >= 0.7.1)
    eac_fs (0.18.1)
      content-type (~> 0.0, >= 0.0.2)
      eac_ruby_utils (~> 0.123)
      ruby-filemagic (~> 0.7, >= 0.7.3)
    eac_git (0.16.0)
      eac_ruby_utils (~> 0.121)
      parseconfig (~> 1.1, >= 1.1.2)
    eac_rest (0.12.0)
      eac_envs-http (~> 0.5)
      eac_fs (~> 0.16)
      eac_ruby_utils (~> 0.120)
    eac_ruby_base0 (0.19.0)
      avm-eac_ruby_base1 (~> 0.30, >= 0.30.3)
      eac_cli (~> 0.35)
      eac_fs (~> 0.16)
      eac_ruby_utils (~> 0.117)
    eac_ruby_gem_support (0.10.0)
      eac_ruby_utils (~> 0.120)
      rspec (~> 3.12)
      rubocop (~> 1.60, >= 1.60.1)
      rubocop-rails (~> 2.23, >= 2.23.1)
      rubocop-rspec (~> 2.26, >= 2.26.1)
    eac_ruby_utils (0.124.0)
      activesupport (>= 4, < 7)
      addressable (~> 2.8, >= 2.8.7)
      bundler
      filesize (~> 0.2)
      net-ssh (~> 4.2)
    eac_templates (0.7.1)
      eac_config (~> 0.14, >= 0.14.2)
      eac_ruby_utils (~> 0.122)
    faraday (2.8.1)
      base64
      faraday-net_http (>= 2.0, < 3.1)
      ruby2_keywords (>= 0.0.4)
    faraday-follow_redirects (0.3.0)
      faraday (>= 1, < 3)
    faraday-gzip (0.1.0)
      faraday (>= 1.0)
      zlib (~> 2.1)
    faraday-multipart (1.0.4)
      multipart-post (~> 2)
    faraday-net_http (3.0.2)
    faraday-retry (2.2.1)
      faraday (~> 2.0)
    filesize (0.2.0)
    git (1.19.1)
      addressable (~> 2.8)
      rchardet (~> 1.8)
    htmlbeautifier (1.4.3)
    i18n (1.14.6)
      concurrent-ruby (~> 1.0)
    json (2.9.0)
    language_server-protocol (3.17.0.3)
    minitar (0.12.1)
    minitest (5.25.4)
    multipart-post (2.4.1)
    net-ssh (4.2.0)
    os (1.1.4)
    parallel (1.26.3)
    parseconfig (1.1.2)
    parser (3.3.6.0)
      ast (~> 2.4.1)
      racc
    parslet (2.0.0)
    pastel (0.8.0)
      tty-color (~> 0.5)
    public_suffix (5.1.1)
    racc (1.8.1)
    rack (3.1.8)
    rainbow (3.1.1)
    random-port (0.7.1)
    rchardet (1.8.0)
    regexp_parser (2.9.3)
    rouge (3.30.0)
    rspec (3.13.0)
      rspec-core (~> 3.13.0)
      rspec-expectations (~> 3.13.0)
      rspec-mocks (~> 3.13.0)
    rspec-core (3.13.2)
      rspec-support (~> 3.13.0)
    rspec-expectations (3.13.3)
      diff-lcs (>= 1.2.0, < 2.0)
      rspec-support (~> 3.13.0)
    rspec-mocks (3.13.2)
      diff-lcs (>= 1.2.0, < 2.0)
      rspec-support (~> 3.13.0)
    rspec-support (3.13.2)
    rubocop (1.69.1)
      json (~> 2.3)
      language_server-protocol (>= 3.17.0)
      parallel (~> 1.10)
      parser (>= 3.3.0.2)
      rainbow (>= 2.2.2, < 4.0)
      regexp_parser (>= 2.9.3, < 3.0)
      rubocop-ast (>= 1.36.2, < 2.0)
      ruby-progressbar (~> 1.7)
      unicode-display_width (>= 2.4.0, < 4.0)
    rubocop-ast (1.36.2)
      parser (>= 3.3.1.0)
    rubocop-capybara (2.21.0)
      rubocop (~> 1.41)
    rubocop-factory_bot (2.26.1)
      rubocop (~> 1.61)
    rubocop-rails (2.27.0)
      activesupport (>= 4.2.0)
      rack (>= 1.1)
      rubocop (>= 1.52.0, < 2.0)
      rubocop-ast (>= 1.31.1, < 2.0)
    rubocop-rspec (2.31.0)
      rubocop (~> 1.40)
      rubocop-capybara (~> 2.17)
      rubocop-factory_bot (~> 2.22)
      rubocop-rspec_rails (~> 2.28)
    rubocop-rspec_rails (2.29.1)
      rubocop (~> 1.61)
    ruby-filemagic (0.7.3)
    ruby-progressbar (1.13.0)
    ruby2_keywords (0.0.5)
    strings (0.2.1)
      strings-ansi (~> 0.2)
      unicode-display_width (>= 1.5, < 3.0)
      unicode_utils (~> 1.4)
    strings-ansi (0.2.0)
    tty-color (0.6.0)
    tty-screen (0.8.2)
    tty-table (0.12.0)
      pastel (~> 0.8)
      strings (~> 0.2.0)
      tty-screen (~> 0.8)
    tzinfo (2.0.6)
      concurrent-ruby (~> 1.0)
    unicode-display_width (2.6.0)
    unicode_utils (1.4.0)
    zeitwerk (2.6.18)
    zlib (2.1.1)

PLATFORMS
  x86_64-linux

DEPENDENCIES
  avm!
  avm-eac_generic_base0!
  eac_ruby_gem_support (~> 0.10)
  eac_tools!

BUNDLED WITH
   2.4.22
