PATH
  remote: .
  specs:
    avm-tools (0.120.1)
      aranha-parsers (~> 0.4)
      avm (~> 0.22)
      avm-eac_asciidoctor_base0 (~> 0.3, >= 0.3.4)
      avm-eac_rails_base0 (~> 0.3)
      avm-eac_redmine_base0 (~> 0.5, >= 0.5.2)
      avm-eac_redmine_plugin_base0 (~> 0.1)
      avm-eac_ruby_base1 (~> 0.8)
      avm-eac_ubuntu_base0 (~> 0.3)
      avm-files (~> 0.1)
      avm-git (~> 0.3, >= 0.3.1)
      clipboard (~> 1.3, >= 1.3.3)
      curb (~> 0.9.10)
      eac_ruby_base0 (~> 0.16, >= 0.16.4)
      git (~> 1.7)
      ruby-progressbar (~> 1.10, >= 1.10.1)

PATH
  remote: sub/avm-eac_asciidoctor_base0
  specs:
    avm-eac_asciidoctor_base0 (0.3.4)
      asciidoctor (~> 2.0, >= 2.0.12)
      avm-eac_webapp_base0 (~> 0.2)
      eac_ruby_utils (~> 0.63)
      os
      rouge (~> 3.26)

PATH
  remote: sub/avm-eac_generic_base0
  specs:
    avm-eac_generic_base0 (0.2.0)
      avm (~> 0.19)
      eac_ruby_utils (~> 0.80)

PATH
  remote: sub/avm-eac_postgresql_base0
  specs:
    avm-eac_postgresql_base0 (0.2.0)
      avm (~> 0.12, >= 0.12.1)
      eac_ruby_utils (~> 0.82)

PATH
  remote: sub/avm-eac_rails_base0
  specs:
    avm-eac_rails_base0 (0.4.1)
      avm-eac_rails_base1 (~> 0.3)
      eac_ruby_utils (~> 0.80, >= 0.80.2)

PATH
  remote: sub/avm-eac_redmine_base0
  specs:
    avm-eac_redmine_base0 (0.6.1)
      avm-eac_rails_base1 (~> 0.3)
      avm-eac_ubuntu_base0 (~> 0.2)
      curb (~> 0.9.10)
      eac_fs (~> 0.4)
      eac_rest (~> 0.4)
      eac_ruby_utils (~> 0.68)

PATH
  remote: sub/avm-eac_redmine_plugin_base0
  specs:
    avm-eac_redmine_plugin_base0 (0.1.0)
      avm-eac_ruby_base1 (~> 0.7)
      eac_ruby_utils (~> 0.95, >= 0.95.1)

PATH
  remote: sub/avm-eac_ubuntu_base0
  specs:
    avm-eac_ubuntu_base0 (0.3.0)
      avm (~> 0.7)
      eac_ruby_utils (~> 0.77, >= 0.77.1)
      eac_templates (~> 0.3)

PATH
  remote: sub/avm-eac_webapp_base0
  specs:
    avm-eac_webapp_base0 (0.3.0)
      avm (~> 0.1)
      avm-eac_generic_base0 (~> 0.1)
      avm-eac_postgresql_base0 (~> 0.1)
      avm-eac_ubuntu_base0 (~> 0.3)
      eac_ruby_utils (~> 0.68)

PATH
  remote: sub/avm-files
  specs:
    avm-files (0.3.2)
      avm (~> 0.6)
      eac_fs (~> 0.5)
      eac_ruby_utils (~> 0.76)
      eac_templates (~> 0.2)

PATH
  remote: sub/avm-git
  specs:
    avm-git (0.4.0)
      avm-files (~> 0.1)
      eac_git (~> 0.11)
      eac_ruby_utils (~> 0.76)

PATH
  remote: sub/eac_cli
  specs:
    eac_cli (0.27.5)
      colorize (~> 0.8.1)
      eac_config (~> 0.8)
      eac_ruby_utils (~> 0.95)

PATH
  remote: sub/eac_config
  specs:
    eac_config (0.8.1)
      addressable
      eac_ruby_utils (~> 0.83)

PATH
  remote: sub/eac_docker
  specs:
    eac_docker (0.4.1)
      eac_ruby_utils (~> 0.74)
      eac_templates (~> 0.1)

PATH
  remote: sub/eac_fs
  specs:
    eac_fs (0.12.1)
      content-type
      eac_ruby_utils (~> 0.70)
      ruby-filemagic

PATH
  remote: sub/eac_git
  specs:
    eac_git (0.12.1)
      eac_ruby_utils (~> 0.83)
      parseconfig (~> 1.0, >= 1.0.8)

PATH
  remote: sub/eac_rest
  specs:
    eac_rest (0.6.1)
      eac_ruby_utils (~> 0.70)

PATH
  remote: sub/eac_ruby_utils
  specs:
    eac_ruby_utils (0.95.1)
      activesupport (>= 4, < 7)
      addressable (~> 2.6)
      filesize
      net-ssh (~> 4.2)

PATH
  remote: sub/eac_templates
  specs:
    eac_templates (0.3.1)
      eac_config (~> 0.5)
      eac_ruby_utils (~> 0.64)

GEM
  remote: https://rubygems.org/
  specs:
    activesupport (6.1.6)
      concurrent-ruby (~> 1.0, >= 1.0.2)
      i18n (>= 1.6, < 2)
      minitest (>= 5.1)
      tzinfo (~> 2.0)
      zeitwerk (~> 2.3)
    addressable (2.8.0)
      public_suffix (>= 2.0.2, < 5.0)
    aranha-parsers (0.14.1)
      activesupport (>= 4.0.0)
      addressable (~> 2.7)
      curb (~> 0.9.10)
      eac_ruby_utils (~> 0.92, >= 0.92.1)
      faraday-gzip (~> 0.1)
      faraday_middleware
      nokogiri (~> 1.12, >= 1.12.4)
      ofx-parser (~> 1.1.0)
    asciidoctor (2.0.17)
    ast (2.4.2)
    avm (0.22.0)
      eac_cli (~> 0.23, >= 0.23.1)
      eac_docker (~> 0.3)
      eac_git (~> 0.6)
      eac_ruby_utils (~> 0.95)
      eac_templates (~> 0.1, >= 0.1.1)
      filesize (~> 0.2)
      htmlbeautifier (~> 1.3, >= 1.3.1)
      minitar (~> 0.9)
    avm-eac_rails_base1 (0.3.0)
      avm-eac_ruby_base1 (~> 0.6)
      avm-eac_webapp_base0 (~> 0.3)
      eac_ruby_gems_utils (~> 0.9, >= 0.9.9)
      eac_ruby_utils (~> 0.68)
    avm-eac_ruby_base1 (0.8.0)
      avm (~> 0.22)
      avm-eac_generic_base0 (~> 0.2)
      eac_ruby_utils (~> 0.80)
    clipboard (1.3.6)
    colorize (0.8.1)
    concurrent-ruby (1.1.10)
    content-type (0.0.1)
      parslet (~> 1.5)
    curb (0.9.11)
    diff-lcs (1.5.0)
    eac_ruby_base0 (0.16.4)
      eac_cli (~> 0.27, >= 0.27.5)
      eac_fs (~> 0.10)
      eac_ruby_gems_utils (~> 0.9.6, ~> 0.9)
      eac_ruby_utils (~> 0.95, >= 0.95.1)
    eac_ruby_gem_support (0.5.1)
      eac_ruby_utils (~> 0.74)
      rspec (~> 3.9)
      rubocop (~> 0.80.1)
      rubocop-rails (~> 2.4.2)
      rubocop-rspec (~> 1.38.1)
    eac_ruby_gems_utils (0.9.10)
      bundler
      eac_fs (~> 0.8)
      eac_ruby_utils (~> 0.81)
    faraday (1.10.0)
      faraday-em_http (~> 1.0)
      faraday-em_synchrony (~> 1.0)
      faraday-excon (~> 1.1)
      faraday-httpclient (~> 1.0)
      faraday-multipart (~> 1.0)
      faraday-net_http (~> 1.0)
      faraday-net_http_persistent (~> 1.0)
      faraday-patron (~> 1.0)
      faraday-rack (~> 1.0)
      faraday-retry (~> 1.0)
      ruby2_keywords (>= 0.0.4)
    faraday-em_http (1.0.0)
    faraday-em_synchrony (1.0.0)
    faraday-excon (1.1.0)
    faraday-gzip (0.1.0)
      faraday (>= 1.0)
      zlib (~> 2.1)
    faraday-httpclient (1.0.1)
    faraday-multipart (1.0.4)
      multipart-post (~> 2)
    faraday-net_http (1.0.1)
    faraday-net_http_persistent (1.2.0)
    faraday-patron (1.0.0)
    faraday-rack (1.0.0)
    faraday-retry (1.0.3)
    faraday_middleware (1.2.0)
      faraday (~> 1.0)
    filesize (0.2.0)
    git (1.11.0)
      rchardet (~> 1.8)
    hpricot (0.8.6)
    htmlbeautifier (1.4.2)
    i18n (1.10.0)
      concurrent-ruby (~> 1.0)
    jaro_winkler (1.5.4)
    mini_portile2 (2.8.0)
    minitar (0.9)
    minitest (5.16.2)
    multipart-post (2.2.3)
    net-ssh (4.2.0)
    nokogiri (1.13.6)
      mini_portile2 (~> 2.8.0)
      racc (~> 1.4)
    nokogiri (1.13.6-x86_64-linux)
      racc (~> 1.4)
    ofx-parser (1.1.0)
      hpricot (>= 0.6)
    os (1.1.4)
    parallel (1.22.1)
    parseconfig (1.1.2)
    parser (3.1.2.0)
      ast (~> 2.4.1)
    parslet (1.8.2)
    public_suffix (4.0.7)
    racc (1.6.0)
    rack (2.2.4)
    rainbow (3.1.1)
    rchardet (1.8.0)
    rexml (3.2.5)
    rouge (3.29.0)
    rspec (3.11.0)
      rspec-core (~> 3.11.0)
      rspec-expectations (~> 3.11.0)
      rspec-mocks (~> 3.11.0)
    rspec-core (3.11.0)
      rspec-support (~> 3.11.0)
    rspec-expectations (3.11.0)
      diff-lcs (>= 1.2.0, < 2.0)
      rspec-support (~> 3.11.0)
    rspec-mocks (3.11.1)
      diff-lcs (>= 1.2.0, < 2.0)
      rspec-support (~> 3.11.0)
    rspec-support (3.11.0)
    rubocop (0.80.1)
      jaro_winkler (~> 1.5.1)
      parallel (~> 1.10)
      parser (>= 2.7.0.1)
      rainbow (>= 2.2.2, < 4.0)
      rexml
      ruby-progressbar (~> 1.7)
      unicode-display_width (>= 1.4.0, < 1.7)
    rubocop-rails (2.4.2)
      rack (>= 1.1)
      rubocop (>= 0.72.0)
    rubocop-rspec (1.38.1)
      rubocop (>= 0.68.1)
    ruby-filemagic (0.7.3)
    ruby-progressbar (1.11.0)
    ruby2_keywords (0.0.5)
    tzinfo (2.0.4)
      concurrent-ruby (~> 1.0)
    unicode-display_width (1.6.1)
    zeitwerk (2.6.0)
    zlib (2.1.1)

PLATFORMS
  ruby
  x86_64-linux

DEPENDENCIES
  avm-eac_asciidoctor_base0!
  avm-eac_generic_base0!
  avm-eac_postgresql_base0!
  avm-eac_rails_base0!
  avm-eac_redmine_base0!
  avm-eac_redmine_plugin_base0!
  avm-eac_ubuntu_base0!
  avm-eac_webapp_base0!
  avm-files!
  avm-git!
  avm-tools!
  eac_cli!
  eac_config!
  eac_docker!
  eac_fs!
  eac_git!
  eac_rest!
  eac_ruby_gem_support (~> 0.5.1)
  eac_ruby_utils!
  eac_templates!

BUNDLED WITH
   2.3.17
