PATH
  remote: .
  specs:
    mygem (1.0.0)
      rake

GEM
  remote: https://rubygems.org/
  specs:
    rake (13.0.6)

PLATFORMS
  x86_64-linux

DEPENDENCIES
  mygem!

BUNDLED WITH
   2.3.17
